PATH
  remote: .
  specs:
    rubulex (0.6.5)
      sass (~> 3.4.18)
      sinatra (~> 1.4.6)
      sinatra-contrib (~> 1.4.6)
      slim (~> 3.0.6)

GEM
  remote: https://www.rubygems.org/
  specs:
    backports (3.6.6)
    diff-lcs (1.2.5)
    multi_json (1.11.2)
    rack (1.6.4)
    rack-protection (1.5.3)
      rack
    rack-test (0.6.3)
      rack (>= 1.0)
    rspec (3.3.0)
      rspec-core (~> 3.3.0)
      rspec-expectations (~> 3.3.0)
      rspec-mocks (~> 3.3.0)
    rspec-core (3.3.2)
      rspec-support (~> 3.3.0)
    rspec-expectations (3.3.1)
      diff-lcs (>= 1.2.0, < 2.0)
      rspec-support (~> 3.3.0)
    rspec-mocks (3.3.2)
      diff-lcs (>= 1.2.0, < 2.0)
      rspec-support (~> 3.3.0)
    rspec-support (3.3.0)
    sass (3.4.18)
    sinatra (1.4.6)
      rack (~> 1.4)
      rack-protection (~> 1.4)
      tilt (>= 1.3, < 3)
    sinatra-contrib (1.4.6)
      backports (>= 2.0)
      multi_json
      rack-protection
      rack-test
      sinatra (~> 1.4.0)
      tilt (>= 1.3, < 3)
    slim (3.0.6)
      temple (~> 0.7.3)
      tilt (>= 1.3.3, < 2.1)
    temple (0.7.6)
    tilt (2.0.1)

PLATFORMS
  java
  ruby

DEPENDENCIES
  rspec (~> 3.3.0)
  rubulex!
